GEM
  remote: https://rubygems.org/
  specs:
    activesupport (5.2.1)
      concurrent-ruby (~> 1.0, >= 1.0.2)
      i18n (>= 0.7, < 2)
      minitest (~> 5.1)
      tzinfo (~> 1.1)
    ast (2.4.0)
    backports (3.11.4)
    bson (4.3.0)
    bson_ext (1.5.1)
    byebug (10.0.2)
    coderay (1.1.2)
    concurrent-ruby (1.1.3)
    ffi (1.9.25)
    formatador (0.2.5)
    guard (2.15.0)
      formatador (>= 0.2.4)
      listen (>= 2.7, < 4.0)
      lumberjack (>= 1.0.12, < 2.0)
      nenv (~> 0.1)
      notiffany (~> 0.0)
      pry (>= 0.9.12)
      shellany (~> 0.0)
      thor (>= 0.18.1)
    guard-compat (1.2.1)
    guard-puma (0.5.0)
      guard (~> 2.14)
      guard-compat (~> 1.2)
      puma (~> 3.6)
    hashie (3.6.0)
    i18n (1.1.1)
      concurrent-ruby (~> 1.0)
    jaro_winkler (1.5.1)
    listen (3.1.5)
      rb-fsevent (~> 0.9, >= 0.9.4)
      rb-inotify (~> 0.9, >= 0.9.7)
      ruby_dep (~> 1.2)
    lumberjack (1.0.13)
    method_source (0.9.2)
    minitest (5.11.3)
    mongo (2.6.2)
      bson (>= 4.3.0, < 5.0.0)
    multi_json (1.13.1)
    mustermann (1.0.3)
    nenv (0.3.0)
    notiffany (0.1.1)
      nenv (~> 0.1)
      shellany (~> 0.0)
    parallel (1.12.1)
    parser (2.5.3.0)
      ast (~> 2.4.0)
    powerpack (0.1.2)
    pry (0.12.2)
      coderay (~> 1.1.0)
      method_source (~> 0.9.0)
    puma (3.12.0)
    rack (2.0.6)
    rack-protection (2.0.4)
      rack
    rainbow (3.0.0)
    rake (12.3.1)
    rb-fsevent (0.10.3)
    rb-inotify (0.9.10)
      ffi (>= 0.5.0, < 2)
    rubocop (0.60.0)
      jaro_winkler (~> 1.5.1)
      parallel (~> 1.10)
      parser (>= 2.5, != 2.5.1.1)
      powerpack (~> 0.1)
      rainbow (>= 2.2.2, < 4.0)
      ruby-progressbar (~> 1.7)
      unicode-display_width (~> 1.4.0)
    ruby-progressbar (1.10.0)
    ruby_dep (1.5.0)
    shellany (0.0.1)
    sinatra (2.0.4)
      mustermann (~> 1.0)
      rack (~> 2.0)
      rack-protection (= 2.0.4)
      tilt (~> 2.0)
    sinatra-contrib (2.0.4)
      activesupport (>= 4.0.0)
      backports (>= 2.8.2)
      multi_json
      mustermann (~> 1.0)
      rack-protection (= 2.0.4)
      sinatra (= 2.0.4)
      tilt (>= 1.3, < 3)
    sinatra-reloader (1.0)
      sinatra-contrib
    slim (4.0.1)
      temple (>= 0.7.6, < 0.9)
      tilt (>= 2.0.6, < 2.1)
    temple (0.8.0)
    thor (0.20.3)
    thread_safe (0.3.6)
    tilt (2.0.8)
    tzinfo (1.2.5)
      thread_safe (~> 0.1)
    unicode-display_width (1.4.0)

PLATFORMS
  ruby

DEPENDENCIES
  bson_ext
  byebug
  guard-puma
  hashie
  mongo
  puma
  rake
  rubocop
  sinatra
  sinatra-reloader
  slim

RUBY VERSION
   ruby 2.5.3p105

BUNDLED WITH
   1.17.1
